GEM
  remote: https://rubygems.org/
  specs:
    bibtex-ruby (3.1.5)
      latex-decode (~> 0.0)
    citeproc (1.0.1)
      namae (~> 0.8)
    citeproc-ruby (1.0.1)
      citeproc (~> 1.0)
      csl (~> 1.2)
    cmdparse (2.0.6)
    coderay (1.1.0)
    csl (1.2.0)
      namae (~> 0.7)
    kramdown (1.3.3)
    latex-decode (0.1.1)
      unicode (~> 0.4)
    libv8 (3.11.8.17)
    method_source (0.8.2)
    mini_portile (0.5.3)
    mobi (1.0.0)
    namae (0.8.4)
    nokogiri (1.6.1)
      mini_portile (~> 0.5.0)
    pry (0.9.12.6)
      coderay (~> 1.0)
      method_source (~> 0.8)
      slop (~> 3.4)
    publishr (0.9.5)
      bibtex-ruby
      citeproc-ruby
      kramdown
      nokogiri
      sanitize
      therubyracer (= 0.11.4)
      unicode_utils
      webgen (= 0.5.17)
    ref (1.0.5)
    sanitize (2.1.0)
      nokogiri (>= 1.4.4)
    slop (3.5.0)
    therubyracer (0.11.4)
      libv8 (~> 3.11.8.12)
      ref
    unicode (0.4.4.1)
    unicode_utils (1.4.0)
    webgen (0.5.17)
      cmdparse (>= 2.0.2)
      kramdown (>= 0.12.0)

PLATFORMS
  ruby

DEPENDENCIES
  mobi
  nokogiri
  pry
  publishr
